GEM
  remote: http://rubygems.org/
  specs:
    activesupport (3.0.1)
    bson (1.1.1)
    bson_ext (1.0.9)
    cmdparse (2.0.2)
    crack (0.1.8)
    frequency (0.1.5)
    i18n (0.4.1)
    jnunemaker-validatable (1.8.4)
      activesupport (>= 2.3.4)
    kramdown (0.10.0)
    kronos (0.1.8)
    mongo (1.1.1)
      bson (>= 1.1.1)
    mongo_mapper (0.8.6)
      activesupport (>= 2.3.4)
      jnunemaker-validatable (~> 1.8.4)
      plucky (~> 0.3.6)
    pending (0.1.1)
    plucky (0.3.6)
      mongo (~> 1.1)
    polyglot (0.3.1)
    query_string_filter (0.1.6)
      treetop (>= 1.4.2)
    rack (1.2.1)
    rack-test (0.5.6)
      rack (>= 1.0)
    rake (0.8.7)
    rcov (0.9.9)
    rr (1.0.0)
    sinatra (1.0)
      rack (>= 1.0)
    sinatra_resource (0.4.24)
      activesupport (~> 3.0.0)
      frequency (~> 0.1.5)
      i18n (~> 0.4.1)
      kronos (~> 0.1.7)
      mongo_mapper (~> 0.8.4)
      query_string_filter (~> 0.1.6)
      sinatra (~> 1.0.0)
    timecop (0.3.5)
    treetop (1.4.8)
      polyglot (>= 0.3.1)
    tu-context (0.5.8)
    webgen (0.5.14)
      cmdparse (>= 2.0.2)
      kramdown (= 0.10.0)

PLATFORMS
  ruby

DEPENDENCIES
  bson_ext (~> 1.0.7)
  crack (~> 0.1.8)
  pending (~> 0.1.1)
  rack-test (~> 0.5.4)
  rake (~> 0.8.7)
  rcov (~> 0.9.8)
  rr (~> 1.0.0)
  sinatra_resource (~> 0.4.24)
  timecop (~> 0.3.5)
  tu-context (~> 0.5.8)
  webgen
